GEM
  remote: https://rubygems.org/
  specs:
    thor (1.3.1)

PLATFORMS
  arm64-darwin-22
  arm64-darwin-23
  x86_64-linux

DEPENDENCIES
  thor

RUBY VERSION
   ruby 3.3.5p100

BUNDLED WITH
   2.5.18
