GEM
  remote: https://rubygems.org/
  specs:
    thor (1.4.0)

PLATFORMS
  arm64-darwin
  ruby
  x86_64-linux

DEPENDENCIES
  thor

BUNDLED WITH
   2.6.9
