GEM
  remote: https://rubygems.org/
  specs:
    thor (1.3.2)

PLATFORMS
  arm64-darwin-22
  arm64-darwin-23
  x86_64-linux

DEPENDENCIES
  thor

RUBY VERSION
   ruby 3.4.1p0

BUNDLED WITH
   2.6.2
